GEM
  remote: http://rubygems.org/
  specs:
    activesupport (3.2.3)
      i18n (~> 0.6)
      multi_json (~> 1.0)
    i18n (0.6.0)
    minitest (3.2.0)
    multi_json (1.3.4)
    rake (0.9.2.2)

PLATFORMS
  ruby

DEPENDENCIES
  activesupport
  minitest
  rake
